GEM
  remote: http://rubygems.org/
  specs:
    addressable (2.2.7)
    autoparse (0.3.1)
      addressable (~> 2.2.3)
      extlib (>= 0.9.15)
      multi_json (>= 1.0.0)
    backports (2.3.0)
    daemons (1.1.8)
    eventmachine (0.12.10)
    extlib (0.9.15)
    faraday (0.7.6)
      addressable (~> 2.2)
      multipart-post (~> 1.1)
      rack (~> 1.1)
    google-api-client (0.4.2)
      addressable (>= 2.2.3)
      autoparse (>= 0.3.1)
      extlib (>= 0.9.15)
      faraday (~> 0.7.0)
      launchy (>= 2.0.0)
      multi_json (>= 1.0.0)
      signet (>= 0.3.1)
    haml (3.1.4)
    json (1.6.5)
    jwt (0.1.4)
      json (>= 1.2.4)
    launchy (2.0.5)
      addressable (~> 2.2.6)
    multi_json (1.1.0)
    multipart-post (1.1.5)
    rack (1.4.1)
    rack-protection (1.2.0)
      rack
    rack-test (0.6.1)
      rack (>= 1.0)
    redcarpet (2.1.0)
    signet (0.3.2)
      addressable (~> 2.2.3)
      faraday (~> 0.7.0)
      jwt (>= 0.1.4)
      multi_json (>= 1.0.0)
    sinatra (1.3.2)
      rack (~> 1.3, >= 1.3.6)
      rack-protection (~> 1.2)
      tilt (~> 1.3, >= 1.3.3)
    sinatra-contrib (1.3.1)
      backports (>= 2.0)
      eventmachine
      rack-protection
      rack-test
      sinatra (~> 1.3.0)
      tilt (~> 1.3)
    thin (1.3.1)
      daemons (>= 1.0.9)
      eventmachine (>= 0.12.6)
      rack (>= 1.0.0)
    tilt (1.3.3)

PLATFORMS
  ruby

DEPENDENCIES
  google-api-client
  haml
  redcarpet
  sinatra
  sinatra-contrib
  thin
